REDIRECTS: ON
NUGET
  remote: https://www.nuget.org/api/v2
    ColorMine (1.1.3) - framework: >= net45
    HUSL (1.0.1) - framework: >= net45
    NuGet.CommandLine (3.4.3)
    OpenTK (2.0) - framework: >= net45
    QuickFont.Desktop (4.4.6159.26433) - framework: >= net45
      OpenTK (>= 2.0)
      SharpFont (>= 4.0)
      SharpFont.Dependencies (>= 2.6)
    SharpFont (4.0.1) - framework: >= net45
      SharpFont.Dependencies
    Splat (2.0) - framework: >= net45
  remote: https://ci.appveyor.com/nuget/cscore-lt381sf5ht3e
    CSCore (1.1.29) - framework: >= net45
  remote: https://ci.appveyor.com/nuget/gwen-nolegacy-opentk-renderer-y8bf4l8s9nxo
    Gwen (4.0.6207.13461) - framework: >= net45
      OpenTK (>= 2.0)
    Gwen.Renderer.OpenTK (4.0.6207.13461) - framework: >= net45
      Gwen (>= 4.0)
      OpenTK (>= 2.0)
      QuickFont.Desktop (>= 4.3.6018.34176)
      SharpFont (>= 3.1)
      SharpFont.Dependencies (>= 2.6)
  remote: https://ci.appveyor.com/nuget/quickfont-m6wdxb2yf1v5
    SharpFont.Dependencies (2.6) - framework: >= net45

GROUP Build
NUGET
  remote: https://www.nuget.org/api/v2
    FAKE (4.47.1)
